GEM
  remote: https://rubygems.org/
  specs:
    amazon_pay (2.4.0)

PLATFORMS
  ruby

DEPENDENCIES
  amazon_pay

BUNDLED WITH
   2.0.1
